RESTRICTION: >= net461
NUGET
  remote: https://www.nuget.org/api/v2
    DotNetNuke.Core (8.0.4.226)
    DotNetNuke.WebApi (8.0.4.226)
      Microsoft.AspNet.WebApi.Client (>= 4.0.20710)
    FAKE (4.62.5)
    FSharp.Core (4.2.1)
    Microsoft.AspNet.WebApi (5.2.3)
      Microsoft.AspNet.WebApi.WebHost (>= 5.2.3 < 5.3)
    Microsoft.AspNet.WebApi.Client (5.2.3)
      Newtonsoft.Json (>= 6.0.4)
    Microsoft.AspNet.WebApi.Core (5.2.3)
      Microsoft.AspNet.WebApi.Client (>= 5.2.3)
    Microsoft.AspNet.WebApi.WebHost (5.2.3)
      Microsoft.AspNet.WebApi.Core (>= 5.2.3 < 5.3)
    Newtonsoft.Json (10.0.3)
    System.ValueTuple (4.3.1)
